PATH
  remote: .
  specs:
    rtsp (0.4.3)
      log_switch (>= 0.3.0)
      parslet (>= 1.1.0)
      rack (~> 1.4.1)
      rtp (>= 0.1.3)
      sdp (~> 0.2.6)

PATH
  remote: ../rtp
  specs:
    rtp (0.2.0.alpha)
      bindata (~> 1.4)
      log_switch (>= 0.4.0)
      os (>= 0.9.6)
      sys-proctable (~> 0.9.2)

PATH
  remote: ../sdp
  specs:
    sdp (0.2.9)
      parslet (>= 1.1.0)

GEM
  remote: http://rubygems.org/
  specs:
    bindata (1.4.5)
    blankslate (2.1.2.4)
    builder (3.1.4)
    cucumber (1.2.1)
      builder (>= 2.1.2)
      diff-lcs (>= 1.1.3)
      gherkin (~> 2.11.0)
      json (>= 1.4.6)
    daemons (1.1.9)
    diff-lcs (1.1.3)
    eventmachine (1.0.0)
    gherkin (2.11.5)
      json (>= 1.4.6)
    json (1.7.5)
    log_switch (0.4.0)
    multi_json (1.4.0)
    os (0.9.6)
    parslet (1.4.0)
      blankslate (~> 2.0)
    rack (1.4.1)
    rack-protection (1.2.0)
      rack
    rake (10.0.2)
    rspec (2.12.0)
      rspec-core (~> 2.12.0)
      rspec-expectations (~> 2.12.0)
      rspec-mocks (~> 2.12.0)
    rspec-core (2.12.1)
    rspec-expectations (2.12.0)
      diff-lcs (~> 1.1.3)
    rspec-mocks (2.12.0)
    simplecov (0.7.1)
      multi_json (~> 1.0)
      simplecov-html (~> 0.7.1)
    simplecov-html (0.7.1)
    sinatra (1.3.3)
      rack (~> 1.3, >= 1.3.6)
      rack-protection (~> 1.2)
      tilt (~> 1.3, >= 1.3.3)
    sys-proctable (0.9.2)
    thin (1.5.0)
      daemons (>= 1.0.9)
      eventmachine (>= 0.12.6)
      rack (>= 1.0.0)
    thor (0.16.0)
    tilt (1.3.3)
    yard (0.8.3)

PLATFORMS
  ruby

DEPENDENCIES
  bundler
  cucumber (>= 1.1.0)
  rake (>= 0.8.7)
  rspec (>= 2.5.0)
  rtp!
  rtsp!
  sdp!
  simplecov (>= 0.4.0)
  sinatra
  thin
  thor
  yard (>= 0.6.0)
