PATH
  remote: .
  specs:
    rtsp (0.4.0)
      os (>= 0.9.6)
      parslet (>= 1.1.0)
      rtp (>= 0.0.1)
      sdp (~> 0.2.6)
      sys-proctable (~> 0.9.2)

GEM
  remote: http://rubygems.org/
  specs:
    bindata (1.4.5)
    blankslate (2.1.2.4)
    builder (3.1.4)
    cucumber (1.2.1)
      builder (>= 2.1.2)
      diff-lcs (>= 1.1.3)
      gherkin (~> 2.11.0)
      json (>= 1.4.6)
    diff-lcs (1.1.3)
    gherkin (2.11.5)
      json (>= 1.4.6)
    gherkin (2.11.5-java)
      json (>= 1.4.6)
    json (1.7.5)
    json (1.7.5-java)
    log_switch (0.3.0)
    multi_json (1.3.7)
    os (0.9.6)
    parslet (1.4.0)
      blankslate (~> 2.0)
    rake (0.9.2.2)
    rspec (2.11.0)
      rspec-core (~> 2.11.0)
      rspec-expectations (~> 2.11.0)
      rspec-mocks (~> 2.11.0)
    rspec-core (2.11.1)
    rspec-expectations (2.11.3)
      diff-lcs (~> 1.1.3)
    rspec-mocks (2.11.3)
    rtp (0.0.1)
      bindata (~> 1.4)
      log_switch (>= 0.2.0)
    sdp (0.2.6)
      parslet (>= 1.1.0)
    simplecov (0.7.1)
      multi_json (~> 1.0)
      simplecov-html (~> 0.7.1)
    simplecov-html (0.7.1)
    sys-proctable (0.9.2)
    yard (0.8.3)

PLATFORMS
  java
  ruby

DEPENDENCIES
  bundler
  cucumber (>= 1.1.0)
  rake (>= 0.8.7)
  rspec (>= 2.5.0)
  rtsp!
  simplecov (>= 0.4.0)
  yard (>= 0.6.0)
