PATH
  remote: ../rtp
  specs:
    rtp (0.0.1)
      bindata (~> 1.4)
      log_switch (>= 0.2.0)

PATH
  remote: .
  specs:
    rtsp (0.2.2)
      parslet (>= 1.1.0)
      sdp (~> 0.2.6)

GEM
  remote: http://rubygems.org/
  specs:
    bindata (1.4.3)
    blankslate (2.1.2.4)
    code_statistics (0.2.13)
    diff-lcs (1.1.3)
    log_switch (0.3.0)
    multi_json (1.1.0)
    parslet (1.2.3)
      blankslate (~> 2.0)
    rake (0.9.2.2)
    roodi (2.1.0)
      ruby_parser
    rspec (2.8.0)
      rspec-core (~> 2.8.0)
      rspec-expectations (~> 2.8.0)
      rspec-mocks (~> 2.8.0)
    rspec-core (2.8.0)
    rspec-expectations (2.8.0)
      diff-lcs (~> 1.1.2)
    rspec-mocks (2.8.0)
    ruby_parser (2.3.1)
      sexp_processor (~> 3.0)
    sdp (0.2.6)
      parslet (>= 1.1.0)
    sexp_processor (3.1.0)
    simplecov (0.6.1)
      multi_json (~> 1.0)
      simplecov-html (~> 0.5.3)
    simplecov-html (0.5.3)
    yard (0.7.5)

PLATFORMS
  java
  ruby

DEPENDENCIES
  bundler
  code_statistics (~> 0.2.13)
  rake (>= 0.8.7)
  roodi (>= 2.1.0)
  rspec (>= 2.5.0)
  rtp!
  rtsp!
  simplecov (>= 0.4.0)
  yard (>= 0.6.0)
