PATH
  remote: .
  specs:
    rtsp (0.1.1)
      sdp (~> 0.2.2)

GEM
  remote: http://rubygems.org/
  specs:
    Saikuro (1.1.0)
    abstract (1.0.0)
    activesupport (3.0.6)
    arrayfields (4.7.4)
    blankslate (2.1.2.4)
    builder (3.0.0)
    chronic (0.3.0)
    churn (0.0.13)
      chronic (>= 0.2.3)
      hirb
      json_pure
      main
      ruby_parser (~> 2.0.4)
      sexp_processor (~> 3.0.3)
    code_statistics (0.2.13)
    colored (1.2)
    cucumber (0.10.2)
      builder (>= 2.1.2)
      diff-lcs (>= 1.1.2)
      gherkin (>= 2.3.5)
      json (>= 1.4.6)
      term-ansicolor (>= 1.0.5)
    diff-lcs (1.1.2)
    erubis (2.6.6)
      abstract (>= 1.0.0)
    fattr (2.2.0)
    flay (1.4.2)
      ruby_parser (~> 2.0)
      sexp_processor (~> 3.0)
    flog (2.5.1)
      ruby_parser (~> 2.0)
      sexp_processor (~> 3.0)
    gherkin (2.3.5)
      json (>= 1.4.6)
    gherkin (2.3.5-java)
      json (>= 1.4.6)
    haml (3.0.25)
    hirb (0.4.3)
    i18n (0.5.0)
    json (1.5.1)
    json (1.5.1-java)
    json_pure (1.5.1)
    main (4.4.0)
      arrayfields (>= 4.7.4)
      fattr (>= 2.1.0)
    metric_fu (2.1.1)
      Saikuro (>= 1.1.0)
      activesupport (>= 2.0.0)
      chronic (~> 0.3.0)
      churn (>= 0.0.7)
      flay (>= 1.2.1)
      flog (>= 2.3.0)
      rails_best_practices (>= 0.6.4)
      rcov (>= 0.8.3.3)
      reek (>= 1.2.6)
      roodi (>= 2.1.0)
      syntax
    ore (0.7.2)
      ore-core (>= 0.1.4, ~> 0.1)
      thor (~> 0.14.3)
    ore-core (0.1.5)
    ore-tasks (0.5.0)
      ore-core (>= 0.1.3, ~> 0.1)
    parslet (1.1.1)
      blankslate (~> 2.0)
    rails_best_practices (0.7.5)
      activesupport
      colored (~> 1.2)
      erubis (~> 2.6.6)
      haml (~> 3.0.18)
      i18n
      ruby-progressbar (~> 0.0.9)
      ruby_parser (~> 2.0.4)
    rake (0.8.7)
    rcov (0.9.9)
    rcov (0.9.9-java)
    reek (1.2.8)
      ruby2ruby (~> 1.2)
      ruby_parser (~> 2.0)
      sexp_processor (~> 3.0)
    roodi (2.1.0)
      ruby_parser
    rspec (2.5.0)
      rspec-core (~> 2.5.0)
      rspec-expectations (~> 2.5.0)
      rspec-mocks (~> 2.5.0)
    rspec-core (2.5.1)
    rspec-expectations (2.5.0)
      diff-lcs (~> 1.1.2)
    rspec-mocks (2.5.0)
    ruby-progressbar (0.0.9)
    ruby2ruby (1.2.5)
      ruby_parser (~> 2.0)
      sexp_processor (~> 3.0)
    ruby_parser (2.0.6)
      sexp_processor (~> 3.0)
    sdp (0.2.2)
      parslet (~> 1.1.0)
    sexp_processor (3.0.5)
    simplecov (0.4.2)
      simplecov-html (~> 0.4.4)
    simplecov-html (0.4.4)
    syntax (1.0.0)
    term-ansicolor (1.0.5)
    thor (0.14.6)
    yard (0.6.8)

PLATFORMS
  java
  ruby

DEPENDENCIES
  bundler (~> 1.0.0)
  code_statistics (~> 0.2.13)
  cucumber
  metric_fu (>= 2.0.0)
  ore (~> 0.7.2)
  ore-core (~> 0.1.5)
  ore-tasks (~> 0.5.0)
  rake (~> 0.8.7)
  rspec (~> 2.5.0)
  rtsp!
  sdp (~> 0.2.2)
  simplecov (>= 0.4.0)
  yard (~> 0.6.0)
